GEM
  remote: http://rubygems.org/
  specs:
    RedCloth (4.2.9)
    actionmailer (2.3.11)
      actionpack (= 2.3.11)
    actionpack (2.3.11)
      activesupport (= 2.3.11)
      rack (~> 1.1.0)
    activerecord (2.3.11)
      activesupport (= 2.3.11)
    activeresource (2.3.11)
      activesupport (= 2.3.11)
    activesupport (2.3.11)
    calendar_date_select (1.16.4)
    faraday (0.8.4)
      multipart-post (~> 1.1)
    fastercsv (1.5.5)
    geocoder (1.1.4)
    htmlentities (4.3.1)
    koala (1.5.0)
      faraday (~> 0.7)
      multi_json (~> 1.3)
    multi_json (1.3.6)
    multipart-post (1.1.5)
    pg (0.14.0)
    rack (1.1.3)
    rails (2.3.11)
      actionmailer (= 2.3.11)
      actionpack (= 2.3.11)
      activerecord (= 2.3.11)
      activeresource (= 2.3.11)
      activesupport (= 2.3.11)
      rake (>= 0.8.3)
    rake (0.9.2.2)
    right_aws (3.0.4)
      right_http_connection (>= 1.2.5)
    right_http_connection (1.3.0)
    rmagick (2.13.1)
    will_paginate (2.3.16)

PLATFORMS
  ruby

DEPENDENCIES
  RedCloth
  calendar_date_select
  fastercsv
  geocoder
  htmlentities
  koala
  pg
  rails (= 2.3.11)
  rake
  right_aws
  rmagick
  will_paginate (= 2.3.16)
